GEM
  remote: https://rubygems.org/
  specs:
    classnamer (3.0.5)

PLATFORMS
  ruby

DEPENDENCIES
  classnamer

BUNDLED WITH
   1.10.6
